PATH
  remote: .
  specs:
    sigstore-protobuf-specs (0.1.0)
      google-protobuf (~> 3.21, >= 3.21.12)
      googleapis-common-protos-types (~> 1.4)

GEM
  remote: https://rubygems.org/
  specs:
    google-protobuf (3.21.12)
    googleapis-common-protos-types (1.4.0)
      google-protobuf (~> 3.14)

PLATFORMS
  ruby

DEPENDENCIES
  sigstore-protobuf-specs!

BUNDLED WITH
   2.1.4
